GEM
  remote: http://rubygems.org/
  specs:
    bson (1.6.2)
    bson_ext (1.6.2)
      bson (~> 1.6.2)
    diff-lcs (1.1.3)
    faraday (0.8.0)
      multipart-post (~> 1.1)
    mongo (1.6.2)
      bson (~> 1.6.2)
    multi_json (1.3.2)
    multipart-post (1.1.5)
    rspec (2.9.0)
      rspec-core (~> 2.9.0)
      rspec-expectations (~> 2.9.0)
      rspec-mocks (~> 2.9.0)
    rspec-core (2.9.0)
    rspec-expectations (2.9.1)
      diff-lcs (~> 1.1.3)
    rspec-mocks (2.9.0)
    trollop (1.16.2)
    vcr (2.1.1)

PLATFORMS
  ruby

DEPENDENCIES
  bson_ext (~> 1.6.2)
  faraday (~> 0.8.0)
  mongo (~> 1.6.2)
  multi_json (~> 1.3.2)
  rspec (~> 2.9.0)
  trollop (~> 1.16.2)
  vcr
