GEM
  remote: http://rubygems.org/
  specs:
    bson (1.6.2)
    bson_ext (1.6.2)
      bson (~> 1.6.2)
    faraday (0.8.0)
      multipart-post (~> 1.1)
    mongo (1.6.2)
      bson (~> 1.6.2)
    multipart-post (1.1.5)
    trollop (1.16.2)

PLATFORMS
  ruby

DEPENDENCIES
  bson_ext (~> 1.6.2)
  faraday (~> 0.8.0)
  mongo (~> 1.6.2)
  trollop
